{
  "AcquisitionMatrixPE": 448,
  "AcquisitionNumber": 1,
  "AcquisitionTime": "10:41:24.922500",
  "BaseResolution": 448,
  "BodyPartExamined": "BRAIN",
  "CoilCombinationMethod": "Adaptive Combine",
  "ConsistencyInfo": "N4_VE11C_LATEST_20160120",
  "ConversionSoftware": "dcm2niix",
  "ConversionSoftwareVersion": "v1.0.20220720",
  "DeviceSerialNumber": "166039",
  "DwellTime": 1.12e-05,
  "EchoTime": 0.05,
  "EchoTrainLength": 15,
  "FlipAngle": 122,
  "HeudiconvVersion": "1.1.6",
  "ImageOrientationPatientDICOM": [0.999556, 0.0297884, 3.37231e-10, -0.0103794, 0.348282, -0.937333],
  "ImageOrientationText": "Cor>Tra(-20.4)>Sag(1.6)",
  "ImageType": [
    "ORIGINAL",
    "PRIMARY",
    "M",
    "NORM",
    "DIS3D",
    "DIS2D"
],
  "ImagingFrequency": 123.258,
  "InPlanePhaseEncodingDirectionDICOM": "ROW",
  "InstitutionAddress": "Social Science Ct 214,Irvine,CA,US,92697",
  "InstitutionName": "FIBRE",
  "InstitutionalDepartmentName": "Department",
  "MRAcquisitionType": "2D",
  "MagneticFieldStrength": 3,
  "Manufacturer": "Siemens",
  "ManufacturersModelName": "Prisma",
  "MatrixCoilMode": "GRAPPA",
  "Modality": "MR",
  "NonlinearGradientCorrection": true,
  "ParallelReductionFactorInPlane": 2,
  "PartialFourier": 1,
  "PatientPosition": "HFS",
  "PercentPhaseFOV": 100,
  "PercentSampling": 100,
  "PhaseEncodingDirection": "i",
  "PhaseEncodingSteps": 895,
  "PhaseOversampling": 1,
  "PhaseResolution": 1,
  "PixelBandwidth": 100,
  "ProcedureStepDescription": "20200312",
  "ProtocolName": "t2_tse_tra_hi-res_hippocampus",
  "PulseSequenceDetails": "%SiemensSeq%\\tse",
  "ReceiveCoilActiveElements": "HC1-7",
  "ReceiveCoilName": "HeadNeck_64",
  "ReconMatrixPE": 448,
  "RefLinesPE": 34,
  "RepetitionTime": 9.86,
  "SAR": 0.252914,
  "ScanningSequence": "SE",
  "SequenceName": "*tse2d1_15",
  "SequenceVariant": "SK\\SP\\OSP",
  "SeriesDescription": "t2_tse_tra_hi-res_hippocampus",
  "SeriesNumber": 18,
  "ShimSetting": [-263, -11158, -5614, 28, -46, -33, -56, 18],
  "SliceThickness": 2,
  "SliceTiming": [4.92969, 0, 5.1875, 0.25781, 5.45312, 0.52344, 5.71094, 0.78125, 5.96875, 1.03906, 6.22656, 1.29688, 6.48438, 1.55469, 6.75, 1.82031, 7.00781, 2.07812, 7.26562, 2.33594, 7.52344, 2.59375, 7.78906, 2.85156, 8.04688, 3.11719, 8.30469, 3.375, 8.5625, 3.63281, 8.82031, 3.89062, 9.08594, 4.15625, 9.34375, 4.41406, 9.60156, 4.67188],
  "SoftwareVersions": "syngo MR E11",
  "SpacingBetweenSlices": 2,
  "SpoilingState": true,
  "StationName": "AWP166039",
  "TxRefAmp": 216.709}