{
  "AcquisitionMatrixPE": 320,
  "AcquisitionNumber": 1,
  "AcquisitionTime": "11:34:35.232500",
  "BaseResolution": 320,
  "BodyPartExamined": "BRAIN",
  "CoilCombinationMethod": "Adaptive Combine",
  "ConsistencyInfo": "N4_VE11C_LATEST_20160120",
  "ConversionSoftware": "dcm2niix",
  "ConversionSoftwareVersion": "v1.0.20220720",
  "DeviceSerialNumber": "166039",
  "DwellTime": 7.8e-06,
  "EchoTime": 0.00238,
  "FlipAngle": 7,
  "HeudiconvVersion": "1.1.6",
  "ImageOrientationPatientDICOM": [0, 1, 0, 0, 0, -1],
  "ImageOrientationText": "Sag",
  "ImageType": [
    "ORIGINAL",
    "PRIMARY",
    "M",
    "ND",
    "NORM",
    "FM3",
 "2",
    "FIL"
],
  "ImagingFrequency": 123.257,
  "InPlanePhaseEncodingDirectionDICOM": "ROW",
  "InstitutionAddress": "Social Science Ct 214,Irvine,CA,US,92697",
  "InstitutionName": "FIBRE",
  "InstitutionalDepartmentName": "Department",
  "InversionTime": 0.934,
  "MRAcquisitionType": "3D",
  "MagneticFieldStrength": 3,
  "Manufacturer": "Siemens",
  "ManufacturersModelName": "Prisma",
  "MatrixCoilMode": "GRAPPA",
  "Modality": "MR",
  "NonlinearGradientCorrection": false,
  "ParallelReductionFactorInPlane": 2,
  "PartialFourier": 1,
  "PatientPosition": "HFS",
  "PercentPhaseFOV": 100,
  "PercentSampling": 100,
  "PhaseEncodingSteps": 351,
  "PhaseOversampling": 0.1,
  "PhaseResolution": 1,
  "PixelBandwidth": 200,
  "ProcedureStepDescription": "brain^New Exam",
  "ProtocolName": "anat-T1w_acq-0.8SagP3",
  "PulseSequenceDetails": "%SiemensSeq%\\tfl",
  "ReceiveCoilActiveElements": "HC1-7;NC1,2",
  "ReceiveCoilName": "HeadNeck_64",
  "ReconMatrixPE": 320,
  "RefLinesPE": 24,
  "RepetitionTime": 2.5,
  "SAR": 0.0314081,
  "ScanOptions": "IR\\WE",
  "ScanningSequence": "GR\\IR",
  "SequenceName": "*tfl3d1_16ns",
  "SequenceVariant": "SK\\SP\\MP\\OSP",
  "SeriesDescription": "anat-T1w_acq-0.8SagP3",
  "SeriesNumber": 6,
  "ShimSetting": [-244, -11134, -5457, 28, -114, -255, 16, -48],
  "SliceThickness": 0.8,
  "SoftwareVersions": "syngo MR E11",
  "SpoilingState": true,
  "StationName": "AWP166039",
  "TxRefAmp": 220.606}