{
  "AcquisitionMatrixPE": 448,
  "AcquisitionNumber": 1,
  "AcquisitionTime": "11:54:16.042500",
  "BaseResolution": 448,
  "BodyPartExamined": "BRAIN",
  "CoilCombinationMethod": "Adaptive Combine",
  "ConsistencyInfo": "N4_VE11C_LATEST_20160120",
  "ConversionSoftware": "dcm2niix",
  "ConversionSoftwareVersion": "v1.0.20220720",
  "DeviceSerialNumber": "166039",
  "DwellTime": 3.9e-06,
  "EchoTime": 0.05,
  "EchoTrainLength": 15,
  "FlipAngle": 122,
  "HeudiconvVersion": "1.1.6",
  "ImageOrientationPatientDICOM": [0.999949, -0.0100821, 1.44667e-10, 0.0032656, 0.323883, -0.946092],
  "ImageOrientationText": "Cor>Tra(-18.9)>Sag(-0.5)",
  "ImageType": [
    "ORIGINAL",
    "PRIMARY",
    "M",
    "ND",
    "NORM"
],
  "ImagingFrequency": 123.257,
  "InPlanePhaseEncodingDirectionDICOM": "ROW",
  "InstitutionAddress": "Social Science Ct 214,Irvine,CA,US,92697",
  "InstitutionName": "FIBRE",
  "InstitutionalDepartmentName": "Department",
  "MRAcquisitionType": "2D",
  "MagneticFieldStrength": 3,
  "Manufacturer": "Siemens",
  "ManufacturersModelName": "Prisma",
  "MatrixCoilMode": "GRAPPA",
  "Modality": "MR",
  "NonlinearGradientCorrection": false,
  "ParallelReductionFactorInPlane": 2,
  "PartialFourier": 1,
  "PatientPosition": "HFS",
  "PercentPhaseFOV": 100,
  "PercentSampling": 100,
  "PhaseEncodingDirection": "i",
  "PhaseEncodingSteps": 447,
  "PhaseResolution": 1,
  "PixelBandwidth": 285,
  "ProcedureStepDescription": "brain^New Exam",
  "ProtocolName": "anat-T2w_acq-0.4x2mm",
  "PulseSequenceDetails": "%SiemensSeq%\\tse",
  "ReceiveCoilActiveElements": "HC1-7;NC1,2",
  "ReceiveCoilName": "HeadNeck_64",
  "ReconMatrixPE": 448,
  "RefLinesPE": 31,
  "RepetitionTime": 9.86,
  "SAR": 0.269186,
  "ScanningSequence": "SE",
  "SequenceName": "*tse2d1_15",
  "SequenceVariant": "SK\\SP",
  "SeriesDescription": "anat-T2w_acq-0.4x2mm",
  "SeriesNumber": 10,
  "ShimSetting": [-262, -11164, -5617, 41, -43, -33, -45, 17],
  "SliceThickness": 2,
  "SliceTiming": [4.92969, 0, 5.19531, 0.26562, 5.45312, 0.52344, 5.71094, 0.78125, 5.96875, 1.03906, 6.23438, 1.29688, 6.49219, 1.5625, 6.75, 1.82031, 7.00781, 2.07812, 7.26562, 2.33594, 7.53125, 2.60156, 7.78906, 2.85938, 8.04688, 3.11719, 8.30469, 3.375, 8.5625, 3.63281, 8.82812, 3.89844, 9.08594, 4.15625, 9.34375, 4.41406, 9.60156, 4.67188],
  "SoftwareVersions": "syngo MR E11",
  "SpacingBetweenSlices": 2,
  "SpoilingState": true,
  "StationName": "AWP166039",
  "TxRefAmp": 220.606}