{
  "AcquisitionMatrixPE": 144,
  "AcquisitionNumber": 1,
  "AcquisitionTime": "14:18:46.680000",
  "BandwidthPerPixelPhaseEncode": 21.044,
  "BaseResolution": 144,
  "BodyPartExamined": "HEAD",
  "CoilCombinationMethod": "Sum of Squares",
  "ConsistencyInfo": "N4_VE11C_LATEST_20160120",
  "ConversionSoftware": "dcm2niix",
  "ConversionSoftwareVersion": "v1.0.20220720",
  "DerivedVendorReportedEchoSpacing": 0.000659993,
  "DeviceSerialNumber": "67022",
  "DiffusionScheme": "Bipolar",
  "DwellTime": 1.5e-06,
  "EchoTime": 0.1002,
  "EchoTrainLength": 62,
  "EffectiveEchoSpacing": 0.000329996,
  "FlipAngle": 90,
  "HeudiconvVersion": "1.1.6",
  "ImageComments": "Unaliased MB3/PE4 SENSE1",
  "ImageOrientationPatientDICOM": [
    1,
    0,
    0,
    0,
    1,
    0
  ],
  "ImageOrientationText": "Tra",
  "ImageType": [
    "ORIGINAL",
    "PRIMARY",
    "DIFFUSION",
    "NONE",
    "MB",
    "ND",
    "NORM",
    "MOSAIC"
  ],
  "ImagingFrequency": 123.142,
  "InPlanePhaseEncodingDirectionDICOM": "COL",
  "InstitutionAddress": "UCEN Rd 551   Bldg 251,Isla Vista,Los Angeles,US,93117",
  "InstitutionName": "UCSB Brain Imaging Center",
  "InstitutionalDepartmentName": "Psych Department",
  "MRAcquisitionType": "2D",
  "MagneticFieldStrength": 3,
  "Manufacturer": "Siemens",
  "ManufacturersModelName": "Prisma_fit",
  "MatrixCoilMode": "GRAPPA",
  "Modality": "MR",
  "MultibandAccelerationFactor": 3,
  "NonlinearGradientCorrection": false,
  "ParallelReductionFactorInPlane": 2,
  "PartialFourier": 0.875,
  "PatientPosition": "HFS",
  "PercentPhaseFOV": 100,
  "PercentSampling": 100,
  "PhaseEncodingDirection": "j",
  "PhaseEncodingSteps": 124,
  "PhaseResolution": 1,
  "PixelBandwidth": 2315,
  "ProcedureStepDescription": "Jacobs^Chrastil",
  "ProtocolName": "cmrr_dsi_Q4_diff_1.8mm_multi_b0",
  "PulseSequenceDetails": "%CustomerSeq%\\cmrr_mbep2d_diff",
  "ReceiveCoilActiveElements": "HC1-6",
  "ReceiveCoilName": "HeadNeck_64",
  "ReconMatrixPE": 144,
  "RefLinesPE": 40,
  "RepetitionTime": 4.3,
  "SAR": 0.236739,
  "ScanOptions": "PFP\\FS",
  "ScanningSequence": "EP",
  "SequenceName": "ep_b5#1",
  "SequenceVariant": "SK\\SS",
  "SeriesDescription": "cmrr_dsi_Q4_diff_1.8mm_multi_b0",
  "SeriesNumber": 7,
  "ShimSetting": [
    -4122,
    1374,
    -5917,
    233,
    -53,
    -114,
    -89,
    -23
  ],
  "SliceThickness": 1.8,
  "SliceTiming": [
    0,
    3.1275,
    1.975,
    0.825,
    3.9525,
    2.8,
    1.6475,
    0.495,
    3.6225,
    2.47,
    1.3175,
    0.165,
    3.2925,
    2.14,
    0.9875,
    4.115,
    2.965,
    1.8125,
    0.66,
    3.7875,
    2.635,
    1.4825,
    0.33,
    3.4575,
    2.305,
    1.1525,
    0,
    3.1275,
    1.975,
    0.825,
    3.9525,
    2.8,
    1.6475,
    0.495,
    3.6225,
    2.47,
    1.3175,
    0.165,
    3.2925,
    2.14,
    0.9875,
    4.115,
    2.965,
    1.8125,
    0.66,
    3.7875,
    2.635,
    1.4825,
    0.33,
    3.4575,
    2.305,
    1.1525,
    0,
    3.1275,
    1.975,
    0.825,
    3.9525,
    2.8,
    1.6475,
    0.495,
    3.6225,
    2.47,
    1.3175,
    0.165,
    3.2925,
    2.14,
    0.9875,
    4.115,
    2.965,
    1.8125,
    0.66,
    3.7875,
    2.635,
    1.4825,
    0.33,
    3.4575,
    2.305,
    1.1525
  ],
  "SoftwareVersions": "syngo MR E11",
  "SpacingBetweenSlices": 1.8,
  "StationName": "MRC35273",
  "TotalReadoutTime": 0.0471895,
  "TxRefAmp": 214.561,
  "WipMemBlock": "94570373-6750-4eb7-8402-3d74e2429b8e||Sequence: R016 ve11c/master r/e634e98; Dec 19 2017 11:11:25 by eja"
}