{
  "AcquisitionMatrixPE": 104,
  "AcquisitionNumber": 1,
  "AcquisitionTime": "11:25:56.575000",
  "BaseResolution": 104,
  "BodyPartExamined": "BRAIN",
  "CoilCombinationMethod": "Sum of Squares",
  "ConsistencyInfo": "N4_VE11E_LATEST_20181129",
  "ConversionSoftware": "dcm2niix",
  "ConversionSoftwareVersion": "v1.0.20220720",
  "DeviceSerialNumber": "166039",
  "DwellTime": 8e-06,
  "EchoNumber": 2,
  "EchoTime": 0.00738,
  "EchoTime1": 0.00492,
  "EchoTime2": 0.00738,
  "FlipAngle": 60,
  "HeudiconvVersion": "1.1.6",
  "ImageOrientationPatientDICOM": [1, 0, 0, 0, 0.992546, -0.121869],
  "ImageOrientationText": "Tra>Cor(-7.0)",
  "ImageType": [
    "ORIGINAL",
    "PRIMARY",
    "P",
    "ND",
    "PHASE"
],
  "ImagingFrequency": 123.257,
  "InPlanePhaseEncodingDirectionDICOM": "COL",
  "InstitutionAddress": "Social Science Ct 214,Irvine,CA,US,92697",
  "InstitutionName": "FIBRE",
  "InstitutionalDepartmentName": "Department",
  "IntendedFor": [
    "ses-23/anat/sub-01_ses-23_T1w.nii.gz",
    "ses-23/anat/sub-01_ses-23_acq-hippocampus_T2w.nii.gz",
    "ses-23/dwi/sub-01_ses-23_dwi.nii.gz"
],
  "MRAcquisitionType": "2D",
  "MagneticFieldStrength": 3,
  "Manufacturer": "Siemens",
  "ManufacturersModelName": "Prisma",
  "MatrixCoilMode": "SENSE",
  "Modality": "MR",
  "NonlinearGradientCorrection": false,
  "PartialFourier": 1,
  "PatientPosition": "HFS",
  "PercentPhaseFOV": 100,
  "PercentSampling": 100,
  "PhaseEncodingDirection": "j-",
  "PhaseEncodingSteps": 104,
  "PhaseResolution": 1,
  "PixelBandwidth": 600,
  "ProtocolName": "gre_field_mapping_2mm",
  "PulseSequenceDetails": "%SiemensSeq%\\gre_field_mapping",
  "ReceiveCoilActiveElements": "HC1-7",
  "ReceiveCoilName": "HeadNeck_64",
  "ReconMatrixPE": 104,
  "RepetitionTime": 0.758,
  "SAR": 0.0998274,
  "ScanningSequence": "GR",
  "SequenceName": "*fm2d2r",
  "SequenceVariant": "SP",
  "SeriesDescription": "gre_field_mapping_2mm",
  "SeriesNumber": 6,
  "ShimSetting": [-250, -11165, -5373, 477, -97, -224, -54, -58],
  "SliceThickness": 2,
  "SliceTiming": [0.38281, 0, 0.39062, 0.01562, 0.39844, 0.02344, 0.41406, 0.03125, 0.42188, 0.03906, 0.42969, 0.05469, 0.44531, 0.0625, 0.45312, 0.07812, 0.46094, 0.08594, 0.47656, 0.09375, 0.48438, 0.10938, 0.49219, 0.11719, 0.50781, 0.125, 0.51562, 0.14062, 0.52344, 0.14844, 0.53906, 0.15625, 0.54688, 0.17188, 0.5625, 0.17969, 0.57031, 0.1875, 0.57812, 0.20312, 0.58594, 0.21094, 0.60156, 0.21875, 0.60938, 0.23438, 0.625, 0.24219, 0.63281, 0.25781, 0.64062, 0.26562, 0.64844, 0.27344, 0.66406, 0.28125, 0.67188, 0.29688, 0.6875, 0.30469, 0.69531, 0.32031, 0.70312, 0.32812, 0.71875, 0.33594, 0.72656, 0.34375, 0.73438, 0.35938, 0.75, 0.36719],
  "SoftwareVersions": "syngo MR E11",
  "SpacingBetweenSlices": 2,
  "StationName": "AWP166039",
  "TxRefAmp": 212.497}