{
  "AcquisitionMatrixPE": 96,
  "AcquisitionNumber": 1,
  "AcquisitionTime": "11:53:54.235000",
  "BandwidthPerPixelPhaseEncode": 18.601,
  "BaseResolution": 96,
  "BodyPartExamined": "BRAIN",
  "CoilCombinationMethod": "Sum of Squares",
  "ConsistencyInfo": "N4_VE11C_LATEST_20160120",
  "ConversionSoftware": "dcm2niix",
  "ConversionSoftwareVersion": "v1.0.20220720",
  "DerivedVendorReportedEchoSpacing": 0.000560006,
  "DeviceSerialNumber": "166039",
  "DwellTime": 2e-06,
  "EchoTime": 0.037,
  "EchoTrainLength": 96,
  "EffectiveEchoSpacing": 0.000560006,
  "FlipAngle": 52,
  "HeudiconvVersion": "1.1.6",
  "ImageOrientationPatientDICOM": [1, 0, 0, 0, 1, 0],
  "ImageOrientationText": "Tra",
  "ImageType": [
    "ORIGINAL",
    "PRIMARY",
    "M",
    "ND",
    "NORM",
    "MOSAIC"
],
  "ImagingFrequency": 123.257,
  "InPlanePhaseEncodingDirectionDICOM": "COL",
  "InstitutionAddress": "Social Science Ct 214,Irvine,CA,US,92697",
  "InstitutionName": "FIBRE",
  "InstitutionalDepartmentName": "Department",
  "IntendedFor": [
    "ses-07/anat/sub-01_ses-07_T1w.nii.gz",
    "ses-07/anat/sub-01_ses-07_acq-hippocampus_T2w.nii.gz",
    "ses-07/dwi/sub-01_ses-07_dwi.nii.gz"
],
  "MRAcquisitionType": "2D",
  "MagneticFieldStrength": 3,
  "Manufacturer": "Siemens",
  "ManufacturersModelName": "Prisma",
  "Modality": "MR",
  "MultibandAccelerationFactor": 8,
  "NonlinearGradientCorrection": false,
  "PartialFourier": 1,
  "PatientPosition": "HFS",
  "PercentPhaseFOV": 100,
  "PercentSampling": 100,
  "PhaseEncodingDirection": "j-",
  "PhaseEncodingSteps": 96,
  "PhaseResolution": 1,
  "PixelBandwidth": 2605,
  "ProcedureStepDescription": "brain^New Exam",
  "ProtocolName": "fmap_acq-2.0_dir-AP",
  "PulseSequenceDetails": "%SiemensSeq%\\ep2d_bold",
  "ReceiveCoilActiveElements": "HC1-7;NC1,2",
  "ReceiveCoilName": "HeadNeck_64",
  "ReconMatrixPE": 96,
  "RefLinesPE": 12,
  "RepetitionTime": 0.72,
  "SAR": 0.0358915,
  "ScanOptions": "FS",
  "ScanningSequence": "EP",
  "SequenceName": "*epfid2d1_96",
  "SequenceVariant": "SK",
  "SeriesDescription": "fmap_acq-2.0_dir-AP",
  "SeriesNumber": 9,
  "ShimSetting": [-241, -11124, -5456, 357, -213, 70, -62, -14],
  "SliceThickness": 2,
  "SliceTiming": [0.525, 0, 0.35, 0.0875, 0.4375, 0.2625, 0.6125, 0.175, 0.525, 0, 0.35, 0.0875, 0.4375, 0.2625, 0.6125, 0.175, 0.525, 0, 0.35, 0.0875, 0.4375, 0.2625, 0.6125, 0.175, 0.525, 0, 0.35, 0.0875, 0.4375, 0.2625, 0.6125, 0.175, 0.525, 0, 0.35, 0.0875, 0.4375, 0.2625, 0.6125, 0.175, 0.525, 0, 0.35, 0.0875, 0.4375, 0.2625, 0.6125, 0.175, 0.525, 0, 0.35, 0.0875, 0.4375, 0.2625, 0.6125, 0.175, 0.525, 0, 0.35, 0.0875, 0.4375, 0.2625, 0.6125, 0.175],
  "SoftwareVersions": "syngo MR E11",
  "SpacingBetweenSlices": 2,
  "StationName": "AWP166039",
  "TotalReadoutTime": 0.0532005,
  "TxRefAmp": 220.606}