{
  "AcquisitionMatrixPE": 104,
  "AcquisitionNumber": 1,
  "AcquisitionTime": "16:31:39.680000",
  "BaseResolution": 104,
  "BodyPartExamined": "HEAD",
  "CoilCombinationMethod": "Sum of Squares",
  "ConsistencyInfo": "N4_VE11C_LATEST_20160120",
  "ConversionSoftware": "dcm2niix",
  "ConversionSoftwareVersion": "v1.0.20220720",
  "DeviceSerialNumber": "166039",
  "DwellTime": 8e-06,
  "EchoNumber": 2,
  "EchoTime": 0.00738,
  "FlipAngle": 60,
  "HeudiconvVersion": "1.1.6",
  "ImageOrientationPatientDICOM": [1, 0, 0, 0, 0.999925, 0.012217],
  "ImageOrientationText": "Tra>Cor(0.7)",
  "ImageType": [
    "ORIGINAL",
    "PRIMARY",
    "M",
    "ND"
],
  "ImagingFrequency": 123.257,
  "InPlanePhaseEncodingDirectionDICOM": "COL",
  "InstitutionAddress": "Social Science Ct 214,Irvine,CA,US,92697",
  "InstitutionName": "FIBRE",
  "InstitutionalDepartmentName": "Department",
  "IntendedFor": [
    "ses-16/anat/sub-01_ses-16_T1w.nii.gz",
    "ses-16/anat/sub-01_ses-16_acq-hippocampus_T2w.nii.gz",
    "ses-16/dwi/sub-01_ses-16_dwi.nii.gz"
],
  "MRAcquisitionType": "2D",
  "MagneticFieldStrength": 3,
  "Manufacturer": "Siemens",
  "ManufacturersModelName": "Prisma",
  "MatrixCoilMode": "SENSE",
  "Modality": "MR",
  "MultibandAccelerationFactor": 2,
  "NonlinearGradientCorrection": false,
  "PartialFourier": 1,
  "PatientPosition": "HFS",
  "PercentPhaseFOV": 100,
  "PercentSampling": 100,
  "PhaseEncodingDirection": "j-",
  "PhaseEncodingSteps": 104,
  "PhaseResolution": 1,
  "PixelBandwidth": 600,
  "ProcedureStepDescription": "20200224",
  "ProtocolName": "gre_field_mapping_2mm",
  "PulseSequenceDetails": "%SiemensSeq%\\gre_field_mapping",
  "ReceiveCoilActiveElements": "HC1-6",
  "ReceiveCoilName": "HeadNeck_64",
  "ReconMatrixPE": 104,
  "RepetitionTime": 0.758,
  "SAR": 0.10285,
  "ScanningSequence": "GR",
  "SequenceName": "*fm2d2r",
  "SequenceVariant": "SP",
  "SeriesDescription": "gre_field_mapping_2mm",
  "SeriesNumber": 5,
  "ShimSetting": [-256, -11165, -5371, 452, -64, -96, -19, 19],
  "SliceThickness": 2,
  "SliceTiming": [0.39062, 0, 0.39062, 0.01562, 0.40625, 0.03125, 0.42188, 0.03125, 0.42188, 0.04688, 0.4375, 0.0625, 0.45312, 0.0625, 0.45312, 0.07812, 0.46875, 0.09375, 0.48438, 0.09375, 0.48438, 0.10938, 0.5, 0.125, 0.51562, 0.125, 0.51562, 0.14062, 0.53125, 0.15625, 0.54688, 0.15625, 0.54688, 0.17188, 0.5625, 0.1875, 0.57812, 0.20312, 0.57812, 0.20312, 0.59375, 0.21875, 0.60938, 0.21875, 0.60938, 0.23438, 0.625, 0.25, 0.64062, 0.26562, 0.64062, 0.26562, 0.65625, 0.28125, 0.67188, 0.29688, 0.67188, 0.29688, 0.6875, 0.3125, 0.70312, 0.32812, 0.70312, 0.32812, 0.71875, 0.34375, 0.73438, 0.35938, 0.75, 0.35938, 0.75, 0.375],
  "SoftwareVersions": "syngo MR E11",
  "SpacingBetweenSlices": 2,
  "StationName": "AWP166039",
  "TxRefAmp": 212.084}