{
  "AcquisitionMatrixPE": 448,
  "AcquisitionNumber": 1,
  "AcquisitionTime": "14:49:47.507500",
  "BaseResolution": 448,
  "BodyPartExamined": "HEAD",
  "CoilCombinationMethod": "Adaptive Combine",
  "ConsistencyInfo": "N4_VE11C_LATEST_20160120",
  "ConversionSoftware": "dcm2niix",
  "ConversionSoftwareVersion": "v1.0.20220720",
  "DeviceSerialNumber": "67022",
  "DwellTime": 1.12e-05,
  "EchoTime": 0.05,
  "EchoTrainLength": 15,
  "FlipAngle": 122,
  "HeudiconvVersion": "1.1.6",
  "ImageOrientationPatientDICOM": [
    0.999999,
    -0.00108581,
    -2.0874e-11,
    0.000404954,
    0.372951,
    -0.927851
  ],
  "ImageOrientationText": "Cor>Tra(-21.9)>Sag(-0.1)",
  "ImageType": [
    "ORIGINAL",
    "PRIMARY",
    "M",
    "NORM",
    "DIS3D",
    "DIS2D"
  ],
  "ImagingFrequency": 123.142,
  "InPlanePhaseEncodingDirectionDICOM": "ROW",
  "InstitutionAddress": "UCEN Rd 551   Bldg 251,Isla Vista,Los Angeles,US,93117",
  "InstitutionName": "UCSB Brain Imaging Center",
  "InstitutionalDepartmentName": "Psych Department",
  "MRAcquisitionType": "2D",
  "MagneticFieldStrength": 3,
  "Manufacturer": "Siemens",
  "ManufacturersModelName": "Prisma_fit",
  "MatrixCoilMode": "GRAPPA",
  "Modality": "MR",
  "NonlinearGradientCorrection": true,
  "ParallelReductionFactorInPlane": 2,
  "PartialFourier": 1,
  "PatientPosition": "HFS",
  "PercentPhaseFOV": 100,
  "PercentSampling": 100,
  "PhaseEncodingDirection": "i",
  "PhaseEncodingSteps": 895,
  "PhaseOversampling": 1,
  "PhaseResolution": 1,
  "PixelBandwidth": 100,
  "ProcedureStepDescription": "Jacobs^Pritschet",
  "ProtocolName": "t2_tse_tra_hi-res_hippocampus",
  "PulseSequenceDetails": "%SiemensSeq%\\tse",
  "ReceiveCoilActiveElements": "HC1-7",
  "ReceiveCoilName": "HeadNeck_64",
  "ReconMatrixPE": 448,
  "RefLinesPE": 34,
  "RepetitionTime": 8.1,
  "SAR": 0.252882,
  "ScanningSequence": "SE",
  "SequenceName": "*tse2d1_15",
  "SequenceVariant": "SK\\SP\\OSP",
  "SeriesDescription": "t2_tse_tra_hi-res_hippocampus",
  "SeriesNumber": 6,
  "ShimSetting": [
    -4139,
    1324,
    -6082,
    67,
    12,
    -3,
    -23,
    15
  ],
  "SliceThickness": 2,
  "SliceTiming": [
    0,
    4.1875,
    0.26562,
    4.45312,
    0.53125,
    4.71875,
    0.79688,
    4.96875,
    1.04688,
    5.23438,
    1.3125,
    5.5,
    1.57812,
    5.75,
    1.84375,
    6.01562,
    2.09375,
    6.28125,
    2.35938,
    6.54688,
    2.625,
    6.79688,
    2.875,
    7.0625,
    3.14062,
    7.32812,
    3.40625,
    7.57812,
    3.67188,
    7.84375,
    3.92188
  ],
  "SoftwareVersions": "syngo MR E11",
  "SpacingBetweenSlices": 2,
  "SpoilingState": true,
  "StationName": "MRC35273",
  "TxRefAmp": 213.545
}