{
  "AcquisitionMatrixPE": 448,
  "AcquisitionNumber": 1,
  "AcquisitionTime": "12:07:22.810000",
  "BaseResolution": 448,
  "BodyPartExamined": "HEAD",
  "CoilCombinationMethod": "Adaptive Combine",
  "ConsistencyInfo": "N4_VE11C_LATEST_20160120",
  "ConversionSoftware": "dcm2niix",
  "ConversionSoftwareVersion": "v1.0.20220720",
  "DeviceSerialNumber": "67022",
  "DwellTime": 1.12e-05,
  "EchoTime": 0.05,
  "EchoTrainLength": 15,
  "FlipAngle": 122,
  "HeudiconvVersion": "1.1.6",
  "ImageOrientationPatientDICOM": [
    0.999565,
    0.0294962,
    1.07587e-10,
    -0.00984611,
    0.333664,
    -0.942641
  ],
  "ImageOrientationText": "Cor>Tra(-19.5)>Sag(1.6)",
  "ImageType": [
    "ORIGINAL",
    "PRIMARY",
    "M",
    "NORM",
    "DIS3D",
    "DIS2D"
  ],
  "ImagingFrequency": 123.141,
  "InPlanePhaseEncodingDirectionDICOM": "ROW",
  "InstitutionAddress": "UCEN Rd 551   Bldg 251,Isla Vista,Los Angeles,US,93117",
  "InstitutionName": "UCSB Psychology and Brain Imaging",
  "InstitutionalDepartmentName": "Psych Department",
  "MRAcquisitionType": "2D",
  "MagneticFieldStrength": 3,
  "Manufacturer": "Siemens",
  "ManufacturersModelName": "Prisma_fit",
  "MatrixCoilMode": "GRAPPA",
  "Modality": "MR",
  "NonlinearGradientCorrection": true,
  "ParallelReductionFactorInPlane": 2,
  "PartialFourier": 1,
  "PatientPosition": "HFS",
  "PercentPhaseFOV": 100,
  "PercentSampling": 100,
  "PhaseEncodingDirection": "i",
  "PhaseEncodingSteps": 895,
  "PhaseOversampling": 1,
  "PhaseResolution": 1,
  "PixelBandwidth": 100,
  "ProcedureStepDescription": "Jacobs^Pritschet",
  "ProtocolName": "t2_tse_tra_hi-res_hippocampus",
  "PulseSequenceDetails": "%SiemensSeq%\\tse",
  "ReceiveCoilActiveElements": "HC1-7",
  "ReceiveCoilName": "HeadNeck_64",
  "ReconMatrixPE": 448,
  "RefLinesPE": 34,
  "RepetitionTime": 9.86,
  "SAR": 0.200937,
  "ScanningSequence": "SE",
  "SequenceName": "*tse2d1_15",
  "SequenceVariant": "SK\\SP\\OSP",
  "SeriesDescription": "t2_tse_tra_hi-res_hippocampus",
  "SeriesNumber": 6,
  "ShimSetting": [
    -4139,
    1324,
    -6082,
    67,
    12,
    -3,
    -23,
    15
  ],
  "SliceThickness": 2,
  "SliceTiming": [
    4.92969,
    0,
    5.1875,
    0.25781,
    5.44531,
    0.51562,
    5.70312,
    0.77344,
    5.96094,
    1.03125,
    6.22656,
    1.29688,
    6.48438,
    1.55469,
    6.74219,
    1.8125,
    7,
    2.07031,
    7.26562,
    2.33594,
    7.52344,
    2.59375,
    7.78125,
    2.85156,
    8.03906,
    3.10938,
    8.29688,
    3.36719,
    8.5625,
    3.63281,
    8.82031,
    3.89062,
    9.07812,
    4.14844,
    9.33594,
    4.40625,
    9.59375,
    4.66406
  ],
  "SoftwareVersions": "syngo MR E11",
  "SpacingBetweenSlices": 2,
  "SpoilingState": true,
  "StationName": "MRC35273",
  "TxRefAmp": 209.363
}