{
  "AcquisitionMatrixPE": 104,
  "AcquisitionNumber": 1,
  "AcquisitionTime": "13:46:3.362500",
  "BaseResolution": 104,
  "BodyPartExamined": "HEAD",
  "CoilCombinationMethod": "Sum of Squares",
  "ConsistencyInfo": "N4_VE11C_LATEST_20160120",
  "ConversionSoftware": "dcm2niix",
  "ConversionSoftwareVersion": "v1.0.20220720",
  "DeviceSerialNumber": "67022",
  "DwellTime": 8e-06,
  "EchoNumber": 2,
  "EchoTime": 0.00738,
  "EchoTime1": 0.00492,
  "EchoTime2": 0.00738,
  "FlipAngle": 60,
  "HeudiconvVersion": "1.1.6",
  "ImageOrientationPatientDICOM": [
    0.999407,
    0.00704827,
    0.0337115,
    1.87005e-09,
    0.978835,
    -0.204651
  ],
  "ImageOrientationText": "Tra>Cor(-11.8)>Sag(2.0)",
  "ImageType": [
    "ORIGINAL",
    "PRIMARY",
    "P",
    "ND",
    "PHASE"
  ],
  "ImagingFrequency": 123.142,
  "InPlanePhaseEncodingDirectionDICOM": "COL",
  "InstitutionAddress": "UCEN Rd 551   Bldg 251,Isla Vista,Los Angeles,US,93117",
  "InstitutionName": "UCSB Brain Imaging Center",
  "InstitutionalDepartmentName": "Psych Department",
  "IntendedFor": [
    "ses-02/anat/sub-01_ses-02_T1w.nii.gz",
    "ses-02/anat/sub-01_ses-02_acq-hippocampus_T2w.nii.gz",
    "ses-02/dwi/sub-01_ses-02_dwi.nii.gz"
  ],
  "MRAcquisitionType": "2D",
  "MagneticFieldStrength": 3,
  "Manufacturer": "Siemens",
  "ManufacturersModelName": "Prisma_fit",
  "MatrixCoilMode": "SENSE",
  "Modality": "MR",
  "MultibandAccelerationFactor": 2,
  "NonlinearGradientCorrection": false,
  "PartialFourier": 1,
  "PatientPosition": "HFS",
  "PercentPhaseFOV": 100,
  "PercentSampling": 100,
  "PhaseEncodingDirection": "j-",
  "PhaseEncodingSteps": 104,
  "PhaseResolution": 1,
  "PixelBandwidth": 600,
  "ProcedureStepDescription": "Jacobs^Chrastil",
  "ProtocolName": "gre_field_mapping_2mm",
  "PulseSequenceDetails": "%SiemensSeq%\\gre_field_mapping",
  "ReceiveCoilActiveElements": "HC1-7",
  "ReceiveCoilName": "HeadNeck_64",
  "ReconMatrixPE": 104,
  "RepetitionTime": 0.758,
  "SAR": 0.0874562,
  "ScanningSequence": "GR",
  "SequenceName": "*fm2d2r",
  "SequenceVariant": "SP",
  "SeriesDescription": "gre_field_mapping_2mm",
  "SeriesNumber": 3,
  "ShimSetting": [
    -4121,
    1389,
    -5909,
    337,
    -17,
    -26,
    -100,
    -27
  ],
  "SliceThickness": 2,
  "SliceTiming": [
    0.375,
    0,
    0.39062,
    0.01562,
    0.40625,
    0.01562,
    0.40625,
    0.03125,
    0.42188,
    0.04688,
    0.4375,
    0.04688,
    0.4375,
    0.0625,
    0.45312,
    0.07812,
    0.46875,
    0.07812,
    0.46875,
    0.09375,
    0.48438,
    0.10938,
    0.5,
    0.10938,
    0.5,
    0.125,
    0.51562,
    0.14062,
    0.53125,
    0.14062,
    0.53125,
    0.15625,
    0.54688,
    0.17188,
    0.5625,
    0.17188,
    0.5625,
    0.1875,
    0.57812,
    0.20312,
    0.59375,
    0.20312,
    0.59375,
    0.21875,
    0.60938,
    0.23438,
    0.625,
    0.25,
    0.625,
    0.25,
    0.64062,
    0.26562,
    0.65625,
    0.26562,
    0.65625,
    0.28125,
    0.67188,
    0.29688,
    0.6875,
    0.3125,
    0.70312,
    0.3125,
    0.70312,
    0.32812,
    0.71875,
    0.34375,
    0.71875,
    0.34375,
    0.73438,
    0.35938,
    0.75,
    0.375
  ],
  "SoftwareVersions": "syngo MR E11",
  "SpacingBetweenSlices": 2,
  "StationName": "MRC35273",
  "TxRefAmp": 214.561
}