{
  "AcquisitionMatrixPE": 104,
  "AcquisitionNumber": 1,
  "AcquisitionTime": "09:43:50.772500",
  "BaseResolution": 104,
  "BodyPartExamined": "BRAIN",
  "CoilCombinationMethod": "Sum of Squares",
  "ConsistencyInfo": "N4_VE11C_LATEST_20160120",
  "ConversionSoftware": "dcm2niix",
  "ConversionSoftwareVersion": "v1.0.20220720",
  "DeviceSerialNumber": "166039",
  "DwellTime": 8e-06,
  "EchoNumber": 1,
  "EchoTime": 0.00492,
  "FlipAngle": 60,
  "HeudiconvVersion": "1.1.6",
  "ImageOrientationPatientDICOM": [1, 0, 0, 0, 0.992546, -0.121869],
  "ImageOrientationText": "Tra>Cor(-7.0)",
  "ImageType": [
    "ORIGINAL",
    "PRIMARY",
    "M",
    "ND"
],
  "ImagingFrequency": 123.257,
  "InPlanePhaseEncodingDirectionDICOM": "COL",
  "InstitutionAddress": "Social Science Ct 214,Irvine,CA,US,92697",
  "InstitutionName": "University of California",
  "InstitutionalDepartmentName": "Department",
  "IntendedFor": [
    "ses-13/anat/sub-01_ses-13_T1w.nii.gz",
    "ses-13/anat/sub-01_ses-13_acq-hippocampus_T2w.nii.gz",
    "ses-13/dwi/sub-01_ses-13_dwi.nii.gz"
],
  "MRAcquisitionType": "2D",
  "MagneticFieldStrength": 3,
  "Manufacturer": "Siemens",
  "ManufacturersModelName": "Prisma",
  "MatrixCoilMode": "SENSE",
  "Modality": "MR",
  "NonlinearGradientCorrection": false,
  "PartialFourier": 1,
  "PatientPosition": "HFS",
  "PercentPhaseFOV": 100,
  "PercentSampling": 100,
  "PhaseEncodingDirection": "j-",
  "PhaseEncodingSteps": 104,
  "PhaseResolution": 1,
  "PixelBandwidth": 600,
  "ProcedureStepDescription": "brain^New Exam",
  "ProtocolName": "gre_field_mapping_2mm",
  "PulseSequenceDetails": "%SiemensSeq%\\gre_field_mapping",
  "ReceiveCoilActiveElements": "HC1-6",
  "ReceiveCoilName": "HeadNeck_64",
  "ReconMatrixPE": 104,
  "RepetitionTime": 0.758,
  "SAR": 0.10415,
  "ScanningSequence": "GR",
  "SequenceName": "*fm2d2r",
  "SequenceVariant": "SP",
  "SeriesDescription": "gre_field_mapping_2mm",
  "SeriesNumber": 8,
  "ShimSetting": [-262, -11164, -5425, 41, -42, -32, -44, 17],
  "SliceThickness": 2,
  "SliceTiming": [0.375, 0, 0.38281, 0.00781, 0.39844, 0.01562, 0.40625, 0.02344, 0.41406, 0.03906, 0.42969, 0.04688, 0.4375, 0.0625, 0.44531, 0.07031, 0.46094, 0.07812, 0.46875, 0.09375, 0.47656, 0.10156, 0.49219, 0.10938, 0.5, 0.125, 0.50781, 0.13281, 0.52344, 0.14062, 0.53125, 0.15625, 0.54688, 0.16406, 0.55469, 0.17188, 0.5625, 0.1875, 0.57031, 0.19531, 0.58594, 0.20312, 0.59375, 0.21875, 0.60938, 0.22656, 0.61719, 0.24219, 0.625, 0.25, 0.64062, 0.25781, 0.64844, 0.26562, 0.65625, 0.28125, 0.67188, 0.28906, 0.67969, 0.30469, 0.69531, 0.3125, 0.70312, 0.32031, 0.71094, 0.32812, 0.71875, 0.34375, 0.73438, 0.35156, 0.74219, 0.36719],
  "SoftwareVersions": "syngo MR E11",
  "SpacingBetweenSlices": 2,
  "StationName": "AWP166039",
  "TxRefAmp": 215.695}