{
  "AcquisitionMatrixPE": 144,
  "AcquisitionNumber": 1,
  "AcquisitionTime": "09:56:0.532500",
  "BandwidthPerPixelPhaseEncode": 21.044,
  "BaseResolution": 144,
  "BodyPartExamined": "BRAIN",
  "CoilCombinationMethod": "Sum of Squares",
  "ConsistencyInfo": "N4_VE11E_LATEST_20181129",
  "ConversionSoftware": "dcm2niix",
  "ConversionSoftwareVersion": "v1.0.20220720",
  "DerivedVendorReportedEchoSpacing": 0.000659993,
  "DeviceSerialNumber": "166039",
  "DiffusionScheme": "Bipolar",
  "DwellTime": 1.5e-06,
  "EchoTime": 0.1002,
  "EchoTrainLength": 62,
  "EffectiveEchoSpacing": 0.000329996,
  "FlipAngle": 90,
  "HeudiconvVersion": "1.1.6",
  "ImageComments": "Unaliased MB3/PE4 SENSE1",
  "ImageOrientationPatientDICOM": [1, 0, 0, 0, 1, 0],
  "ImageOrientationText": "Tra",
  "ImageType": [
    "ORIGINAL",
    "PRIMARY",
    "DIFFUSION",
    "NONE",
    "MB",
    "ND",
    "NORM",
    "MOSAIC"
],
  "ImagingFrequency": 123.257,
  "InPlanePhaseEncodingDirectionDICOM": "COL",
  "InstitutionAddress": "Social Science Ct 214,Irvine,CA,US,92697",
  "InstitutionName": "FIBRE",
  "InstitutionalDepartmentName": "Department",
  "MRAcquisitionType": "2D",
  "MagneticFieldStrength": 3,
  "Manufacturer": "Siemens",
  "ManufacturersModelName": "Prisma",
  "MatrixCoilMode": "GRAPPA",
  "Modality": "MR",
  "MultibandAccelerationFactor": 3,
  "NonlinearGradientCorrection": false,
  "ParallelReductionFactorInPlane": 2,
  "PartialFourier": 0.875,
  "PatientPosition": "HFS",
  "PercentPhaseFOV": 100,
  "PercentSampling": 100,
  "PhaseEncodingDirection": "j",
  "PhaseEncodingSteps": 124,
  "PhaseResolution": 1,
  "PixelBandwidth": 2315,
  "ProcedureStepDescription": "brain^New Exam",
  "ProtocolName": "cmrr_mbep2d_diff",
  "PulseSequenceDetails": "%CustomerSeq%\\cmrr_mbep2d_diff",
  "ReceiveCoilActiveElements": "HC1-6",
  "ReceiveCoilName": "HeadNeck_64",
  "ReconMatrixPE": 144,
  "RefLinesPE": 40,
  "RepetitionTime": 4.3,
  "SAR": 0.351278,
  "ScanOptions": "PFP\\FS",
  "ScanningSequence": "EP",
  "SequenceName": "ep_b5#1",
  "SequenceVariant": "SK\\SS",
  "SeriesDescription": "cmrr_mbep2d_diff",
  "SeriesNumber": 9,
  "ShimSetting": [-248, -11160, -5398, 342, -16, -103, -138, 42],
  "SliceThickness": 1.8,
  "SliceTiming": [0, 3.1275, 1.975, 0.8225, 3.95, 2.7975, 1.645, 0.495, 3.6225, 2.47, 1.3175, 0.165, 3.2925, 2.14, 0.9875, 4.115, 2.9625, 1.81, 0.6575, 3.785, 2.635, 1.4825, 0.33, 3.4575, 2.305, 1.1525, 0, 3.1275, 1.975, 0.8225, 3.95, 2.7975, 1.645, 0.495, 3.6225, 2.47, 1.3175, 0.165, 3.2925, 2.14, 0.9875, 4.115, 2.9625, 1.81, 0.6575, 3.785, 2.635, 1.4825, 0.33, 3.4575, 2.305, 1.1525, 0, 3.1275, 1.975, 0.8225, 3.95, 2.7975, 1.645, 0.495, 3.6225, 2.47, 1.3175, 0.165, 3.2925, 2.14, 0.9875, 4.115, 2.9625, 1.81, 0.6575, 3.785, 2.635, 1.4825, 0.33, 3.4575, 2.305, 1.1525],
  "SoftwareVersions": "syngo MR E11",
  "SpacingBetweenSlices": 1.8,
  "StationName": "AWP166039",
  "TotalReadoutTime": 0.0471895,
  "TxRefAmp": 222.657,
  "VendorReportedEchoSpacing": 0.00066,
  "WipMemBlock": "c013090d-d3a2-48e7-90e0-0646085a12d7||Sequence: R016 ve11e/master r/434b28f1; Aug  7 2019 19:06:17 by eja"
}