{
  "AcquisitionMatrixPE": 448,
  "AcquisitionNumber": 1,
  "AcquisitionTime": "12:36:0.090000",
  "BaseResolution": 448,
  "BodyPartExamined": "HEAD",
  "CoilCombinationMethod": "Adaptive Combine",
  "ConsistencyInfo": "N4_VE11C_LATEST_20160120",
  "ConversionSoftware": "dcm2niix",
  "ConversionSoftwareVersion": "v1.0.20220720",
  "DeviceSerialNumber": "67022",
  "DwellTime": 1.12e-05,
  "EchoTime": 0.05,
  "EchoTrainLength": 15,
  "FlipAngle": 122,
  "HeudiconvVersion": "1.1.6",
  "ImageOrientationPatientDICOM": [
    0.999549,
    0.0300269,
    6.11744e-10,
    -0.0126899,
    0.422425,
    -0.906309
  ],
  "ImageOrientationText": "Cor>Tra(-25.0)>Sag(1.6)",
  "ImageType": [
    "ORIGINAL",
    "PRIMARY",
    "M",
    "NORM",
    "DIS3D",
    "DIS2D"
  ],
  "ImagingFrequency": 123.14,
  "InPlanePhaseEncodingDirectionDICOM": "ROW",
  "InstitutionAddress": "UCEN Rd 551   Bldg 251,Isla Vista,Los Angeles,US,93117",
  "InstitutionName": "UCSB Psychology and Brain Imaging",
  "InstitutionalDepartmentName": "Psych Department",
  "MRAcquisitionType": "2D",
  "MagneticFieldStrength": 3,
  "Manufacturer": "Siemens",
  "ManufacturersModelName": "Prisma_fit",
  "MatrixCoilMode": "GRAPPA",
  "Modality": "MR",
  "NonlinearGradientCorrection": true,
  "ParallelReductionFactorInPlane": 2,
  "PartialFourier": 1,
  "PatientPosition": "HFS",
  "PercentPhaseFOV": 100,
  "PercentSampling": 100,
  "PhaseEncodingDirection": "i",
  "PhaseEncodingSteps": 895,
  "PhaseOversampling": 1,
  "PhaseResolution": 1,
  "PixelBandwidth": 100,
  "ProcedureStepDescription": "Jacobs^Chrastil",
  "ProtocolName": "t2_tse_tra_hi-res_hippocampus",
  "PulseSequenceDetails": "%SiemensSeq%\\tse",
  "ReceiveCoilActiveElements": "HC1-7",
  "ReceiveCoilName": "HeadNeck_64",
  "ReconMatrixPE": 448,
  "RefLinesPE": 34,
  "RepetitionTime": 9.86,
  "SAR": 0.202459,
  "ScanningSequence": "SE",
  "SequenceName": "*tse2d1_15",
  "SequenceVariant": "SK\\SP\\OSP",
  "SeriesDescription": "t2_tse_tra_hi-res_hippocampus",
  "SeriesNumber": 6,
  "ShimSetting": [
    -4139,
    1324,
    -6082,
    67,
    12,
    -3,
    -23,
    15
  ],
  "SliceThickness": 2,
  "SliceTiming": [
    4.9375,
    0,
    5.19531,
    0.26562,
    5.45312,
    0.52344,
    5.71094,
    0.78125,
    5.96875,
    1.03906,
    6.23438,
    1.30469,
    6.49219,
    1.5625,
    6.75,
    1.82031,
    7.00781,
    2.07812,
    7.26562,
    2.33594,
    7.53125,
    2.60156,
    7.78906,
    2.85938,
    8.04688,
    3.11719,
    8.3125,
    3.375,
    8.5625,
    3.63281,
    8.82812,
    3.89844,
    9.08594,
    4.15625,
    9.34375,
    4.41406,
    9.60156,
    4.67188
  ],
  "SoftwareVersions": "syngo MR E11",
  "SpacingBetweenSlices": 2,
  "SpoilingState": true,
  "StationName": "MRC35273",
  "TxRefAmp": 208.059
}