{
  "AcquisitionMatrixPE": 448,
  "AcquisitionNumber": 1,
  "AcquisitionTime": "12:34:36.840000",
  "BaseResolution": 448,
  "BodyPartExamined": "BRAIN",
  "CoilCombinationMethod": "Adaptive Combine",
  "ConsistencyInfo": "N4_VE11C_LATEST_20160120",
  "ConversionSoftware": "dcm2niix",
  "ConversionSoftwareVersion": "v1.0.20220720",
  "DeviceSerialNumber": "166039",
  "DwellTime": 1.12e-05,
  "EchoTime": 0.05,
  "EchoTrainLength": 15,
  "FlipAngle": 122,
  "HeudiconvVersion": "1.1.6",
  "ImageOrientationPatientDICOM": [0.999699, 0.0245544, -3.93514e-10, -0.00855562, 0.348331, -0.937333],
  "ImageOrientationText": "Cor>Tra(-20.4)>Sag(1.3)",
  "ImageType": [
    "ORIGINAL",
    "PRIMARY",
    "M",
    "NORM",
    "DIS3D",
    "DIS2D"
],
  "ImagingFrequency": 123.258,
  "InPlanePhaseEncodingDirectionDICOM": "ROW",
  "InstitutionAddress": "Social Science Ct 214,Irvine,CA,US,92697",
  "InstitutionName": "FIBRE",
  "InstitutionalDepartmentName": "Department",
  "MRAcquisitionType": "2D",
  "MagneticFieldStrength": 3,
  "Manufacturer": "Siemens",
  "ManufacturersModelName": "Prisma",
  "MatrixCoilMode": "GRAPPA",
  "Modality": "MR",
  "NonlinearGradientCorrection": true,
  "ParallelReductionFactorInPlane": 2,
  "PartialFourier": 1,
  "PatientPosition": "HFS",
  "PercentPhaseFOV": 100,
  "PercentSampling": 100,
  "PhaseEncodingDirection": "i",
  "PhaseEncodingSteps": 895,
  "PhaseOversampling": 1,
  "PhaseResolution": 1,
  "PixelBandwidth": 100,
  "ProcedureStepDescription": "brain^New Exam",
  "ProtocolName": "t2_tse_tra_hi-res_hippocampus",
  "PulseSequenceDetails": "%SiemensSeq%\\tse",
  "ReceiveCoilActiveElements": "HC1-7;NC1",
  "ReceiveCoilName": "HeadNeck_64",
  "ReconMatrixPE": 448,
  "RefLinesPE": 34,
  "RepetitionTime": 9.86,
  "SAR": 0.304213,
  "ScanningSequence": "SE",
  "SequenceName": "*tse2d1_15",
  "SequenceVariant": "SK\\SP\\OSP",
  "SeriesDescription": "t2_tse_tra_hi-res_hippocampus",
  "SeriesNumber": 10,
  "ShimSetting": [-263, -11158, -5614, 28, -46, -33, -56, 18],
  "SliceThickness": 2,
  "SliceTiming": [4.9375, 0, 5.19531, 0.26562, 5.45312, 0.52344, 5.71094, 0.78125, 5.96875, 1.03906, 6.23438, 1.30469, 6.49219, 1.5625, 6.75, 1.82031, 7.00781, 2.07812, 7.26562, 2.33594, 7.53125, 2.60156, 7.78906, 2.85938, 8.04688, 3.11719, 8.30469, 3.375, 8.5625, 3.63281, 8.82812, 3.89844, 9.08594, 4.15625, 9.34375, 4.41406, 9.60156, 4.67188],
  "SoftwareVersions": "syngo MR E11",
  "SpacingBetweenSlices": 2,
  "SpoilingState": true,
  "StationName": "AWP166039",
  "TxRefAmp": 213.199}